GEM
  remote: https://rubygems.org/
  specs:
    bourbon (4.2.4)
      sass (~> 3.4)
      thor (~> 0.19)
    sass (3.4.18)
    thor (0.19.1)

PLATFORMS
  ruby

DEPENDENCIES
  bourbon

BUNDLED WITH
   1.10.6
